FRAMEWORK: >= NET45
NUGET
  remote: https://api.nuget.org/v3/index.json
    Microsoft.CodeAnalysis (1.0)
      Microsoft.CodeAnalysis.CSharp.Workspaces (1.0)
      Microsoft.CodeAnalysis.VisualBasic.Workspaces (1.0)
    Microsoft.CodeAnalysis.Analyzers (1.0)
    Microsoft.CodeAnalysis.Common (1.0)
      Microsoft.CodeAnalysis.Analyzers (1.0)
      System.Collections.Immutable (>= 1.1.36)
      System.Reflection.Metadata (>= 1.0.21)
    Microsoft.CodeAnalysis.CSharp (1.0)
      Microsoft.CodeAnalysis.Common (1.0)
    Microsoft.CodeAnalysis.CSharp.Workspaces (1.0)
      Microsoft.CodeAnalysis.CSharp (1.0)
      Microsoft.CodeAnalysis.Workspaces.Common (1.0)
    Microsoft.CodeAnalysis.EditorFeatures.Text (1.0)
      Microsoft.CodeAnalysis.Workspaces.Common (1.0)
    Microsoft.CodeAnalysis.VisualBasic (1.0)
      Microsoft.CodeAnalysis.Common (>= 1.0)
    Microsoft.CodeAnalysis.VisualBasic.Workspaces (1.0)
      Microsoft.CodeAnalysis.VisualBasic (1.0)
      Microsoft.CodeAnalysis.Workspaces.Common (1.0)
    Microsoft.CodeAnalysis.Workspaces.Common (1.0)
      Microsoft.CodeAnalysis.Common (1.0)
      Microsoft.Composition (>= 1.0.27)
    Microsoft.Composition (1.0.30)
    System.Collections.Immutable (1.3)
    System.Reflection.Metadata (1.4.1)
      System.Collections.Immutable (>= 1.3)
